GEM
  remote: https://rubygems.org/
  specs:
    faker (1.7.3)
      i18n (~> 0.5)
    i18n (0.8.0)

PLATFORMS
  ruby

DEPENDENCIES
  faker (~> 1.6, >= 1.6.3)

BUNDLED WITH
   1.14.3
